GEM
  remote: http://rubygems.org/
  specs:
    coffee-script (2.2.0)
      coffee-script-source
      execjs
    coffee-script-source (1.2.0)
    daemons (1.1.8)
    eventmachine (0.12.10)
    execjs (1.3.0)
      multi_json (~> 1.0)
    grape (0.2.0)
      hashie (~> 1.2)
      multi_json
      multi_xml
      rack
      rack-mount
    hashie (1.2.0)
    httparty (0.8.2)
      multi_json
      multi_xml
    multi_json (1.1.0)
    multi_xml (0.4.2)
    rack (1.4.1)
    rack-mount (0.6.14)
      rack (>= 1.0.0)
    rack-protection (1.2.0)
      rack
    sinatra (1.3.2)
      rack (~> 1.3, >= 1.3.6)
      rack-protection (~> 1.2)
      tilt (~> 1.3, >= 1.3.3)
    slim (1.2.0)
      temple (~> 0.4.0)
      tilt (~> 1.3.3)
    temple (0.4.0)
    thin (1.3.1)
      daemons (>= 1.0.9)
      eventmachine (>= 0.12.6)
      rack (>= 1.0.0)
    tilt (1.3.3)

PLATFORMS
  ruby

DEPENDENCIES
  coffee-script
  grape
  httparty
  sinatra
  slim
  thin
